GEM
  remote: https://rubygems.org/
  specs:
    aws-sdk-v1 (1.66.0)
      json (~> 1.4)
      nokogiri (>= 1.4.4)
    coderay (1.1.1)
    json (1.8.3)
    method_source (0.8.2)
    mini_portile2 (2.4.0)
    nokogiri (1.10.5)
      mini_portile2 (~> 2.4.0)
    pry (0.10.4)
      coderay (~> 1.1.0)
      method_source (~> 0.8.1)
      slop (~> 3.4)
    rake (11.3.0)
    slop (3.6.0)

PLATFORMS
  ruby

DEPENDENCIES
  aws-sdk-v1
  pry
  rake

BUNDLED WITH
   1.13.6
